GEM
  remote: https://rubygems.org/
  specs:
    logger (1.4.3)
    rack (2.2.3)

PLATFORMS
  ruby

DEPENDENCIES
  logger
  rack

RUBY VERSION
   ruby 2.7.2p137

BUNDLED WITH
   2.2.7
